PATH
  remote: /home/robin/rails_workspace/ruby-mojeid
  specs:
    ruby-mojeid (0.2.0)
      ruby-openid (= 2.1.8)
      ruby-openid (= 2.1.8)

GEM
  remote: http://rubygems.org/
  remote: http://gemcutter.com/
  remote: http://gems.github.com/
  specs:
    actionmailer (2.3.9)
      actionpack (= 2.3.9)
    actionpack (2.3.9)
      activesupport (= 2.3.9)
      rack (~> 1.1.0)
    activerecord (2.3.9)
      activesupport (= 2.3.9)
    activeresource (2.3.9)
      activesupport (= 2.3.9)
    activesupport (2.3.9)
    mysql (2.7)
    rack (1.1.0)
    rails (2.3.9)
      actionmailer (= 2.3.9)
      actionpack (= 2.3.9)
      activerecord (= 2.3.9)
      activeresource (= 2.3.9)
      activesupport (= 2.3.9)
      rake (>= 0.8.3)
    rake (0.8.7)
    ruby-openid (2.1.8)

PLATFORMS
  ruby

DEPENDENCIES
  mysql (= 2.7)
  rails (= 2.3.9)
  ruby-mojeid!
